GEM
  remote: https://rubygems.org/
  specs:
    hiredis (0.6.0)
    redis (3.2.2)

PLATFORMS
  ruby

DEPENDENCIES
  hiredis
  redis

BUNDLED WITH
   1.11.2
